GEM
  remote: https://rubygems.org/
  specs:
    CFPropertyList (3.0.6)
      rexml
    atomos (0.1.3)
    claide (1.1.0)
    colored2 (3.1.2)
    nanaimo (0.3.0)
    pathname (0.3.0)
    prettier_print (1.2.1)
    rexml (3.2.5)
    syntax_tree (6.2.0)
      prettier_print (>= 1.2.0)
    xcodeproj (1.22.0)
      CFPropertyList (>= 2.3.3, < 4.0)
      atomos (~> 0.1.3)
      claide (>= 1.0.2, < 2.0)
      colored2 (~> 3.1)
      nanaimo (~> 0.3.0)
      rexml (~> 3.2.4)

PLATFORMS
  arm64-darwin-23

DEPENDENCIES
  pathname
  syntax_tree
  xcodeproj

RUBY VERSION
   ruby 3.2.3p157

BUNDLED WITH
   2.4.14
